GEM
  remote: https://rubygems.org/
  specs:
    childprocess (0.5.9)
      ffi (~> 1.0, >= 1.0.11)
    ffi (1.9.14)
    httparty (0.14.0)
      multi_xml (>= 0.5.2)
    iniparse (1.4.2)
    multi_xml (0.5.5)
    overcommit (0.36.0)
      childprocess (~> 0.5.8)
      iniparse (~> 1.4)
    rake (11.1.2)

PLATFORMS
  ruby

DEPENDENCIES
  httparty (= 0.14.0)
  overcommit (= 0.36.0)
  rake (= 11.1.2)

BUNDLED WITH
   1.13.2
