GEM
  remote: https://rubygems.org/
  specs:
    httparty (0.14.0)
      multi_xml (>= 0.5.2)
    multi_xml (0.5.5)
    rake (11.1.2)

PLATFORMS
  ruby

DEPENDENCIES
  httparty
  rake

BUNDLED WITH
   1.12.5
